GEM
  remote: https://rubygems.org/
  specs:
    rake (13.1.0)

PLATFORMS
  arm64-darwin-23
  ruby

DEPENDENCIES
  rake (~> 13.1)

RUBY VERSION
   ruby 3.3.0p0

BUNDLED WITH
   2.5.3
